GEM
  remote: https://rubygems.org/
  specs:
    adsf (1.2.1)
      rack (>= 1.0.0)
    colored (1.2)
    concurrent-ruby (1.0.2)
    cri (2.7.0)
      colored (~> 1.2)
    haml (4.0.7)
      tilt
    hamster (3.0.0)
      concurrent-ruby (~> 1.0)
    kramdown (1.12.0)
    nanoc (4.3.4)
      cri (~> 2.3)
      hamster (~> 3.0)
      ref (~> 2.0)
    rack (2.0.1)
    ref (2.0.0)
    tilt (2.0.5)

PLATFORMS
  ruby

DEPENDENCIES
  adsf
  haml
  kramdown
  nanoc (~> 4.0)

BUNDLED WITH
   1.11.2
